GEM
  remote: https://rubygems.org/
  specs:
    aws-s3 (0.6.3)
      builder
      mime-types
      xml-simple
    builder (3.2.2)
    chunky_png (1.3.5)
    compass (0.12.7)
      chunky_png (~> 1.2)
      fssm (>= 0.2.7)
      sass (~> 3.2.19)
    fssm (0.2.10)
    haml (3.1.8)
    mime-types (3.0)
      mime-types-data (~> 3.2015)
    mime-types-data (3.2016.0221)
    rack (1.6.4)
    sass (3.2.19)
    staticmatic2 (2.1.8)
      aws-s3
      compass (~> 0.12.1)
      haml (~> 3.1)
      rack (>= 1.0)
      sass (~> 3.1)
      thor (>= 0.14.6)
      tilt (>= 1.3)
    thor (0.19.1)
    tilt (1.4.1)
    xml-simple (1.1.5)

PLATFORMS
  ruby

DEPENDENCIES
  haml
  sass
  staticmatic2
  tilt (~> 1.3)

BUNDLED WITH
   1.11.2
